PATH
  remote: .
  specs:
    staccato (0.1.0)

GEM
  remote: https://rubygems.org/
  specs:
    commander (4.4.7)
      highline (~> 2.0.0)
    highline (2.0.3)

PLATFORMS
  ruby

DEPENDENCIES
  commander
  staccato!

BUNDLED WITH
   2.0.2
